GEM
  remote: https://rubygems.org/
  specs:
    POpen4 (0.1.4)
      Platform (>= 0.4.0)
      open4
    Platform (0.4.0)
    cmdparse (2.0.5)
    coderay (1.0.8)
    coffee-script (2.2.0)
      coffee-script-source
      execjs
    coffee-script-source (1.4.0)
    execjs (1.4.0)
      multi_json (~> 1.0)
    ffi (1.0.11)
    guard (1.5.3)
      listen (>= 0.4.2)
      lumberjack (>= 1.0.2)
      pry (>= 0.9.10)
      thor (>= 0.14.6)
    guard-coffeescript (1.2.1)
      coffee-script (>= 2.2.0)
      guard (>= 1.1.0)
    guard-jammit (1.0.1)
      guard (>= 1.1.0)
      jammit
    guard-process (1.0.3)
      ffi (~> 1.0.9)
      guard (>= 0.4.2)
      spoon (~> 0.0.1)
    guard-sass (1.0.1)
      guard (>= 1.1.0)
      sass (>= 3.1)
    jammit (0.6.5)
      yui-compressor (>= 0.9.3)
    juicer (1.0.17)
      cmdparse
      nokogiri (>= 1.5.0)
      rubyzip
    listen (0.5.3)
    lumberjack (1.0.2)
    method_source (0.8.1)
    multi_json (1.3.7)
    nokogiri (1.5.5)
    open4 (1.3.0)
    pry (0.9.10)
      coderay (~> 1.0.5)
      method_source (~> 0.8)
      slop (~> 3.3.1)
    rb-fsevent (0.9.2)
    rubyzip (0.9.9)
    sass (3.2.2)
    slop (3.3.3)
    spoon (0.0.1)
    thor (0.16.0)
    yui-compressor (0.9.6)
      POpen4 (>= 0.1.4)

PLATFORMS
  ruby

DEPENDENCIES
  guard
  guard-coffeescript
  guard-jammit
  guard-process
  guard-sass
  jammit
  juicer
  rb-fsevent
