GEM
  remote: https://rubygems.org/
  specs:
    coderay (1.0.8)
    ffi (1.0.11)
    guard (1.5.3)
      listen (>= 0.4.2)
      lumberjack (>= 1.0.2)
      pry (>= 0.9.10)
      thor (>= 0.14.6)
    guard-process (1.0.3)
      ffi (~> 1.0.9)
      guard (>= 0.4.2)
      spoon (~> 0.0.1)
    guard-sass (1.0.1)
      guard (>= 1.1.0)
      sass (>= 3.1)
    listen (0.5.3)
    lumberjack (1.0.2)
    method_source (0.8.1)
    pry (0.9.10)
      coderay (~> 1.0.5)
      method_source (~> 0.8)
      slop (~> 3.3.1)
    rake (0.9.2.2)
    rb-fsevent (0.9.2)
    sass (3.2.2)
    slop (3.3.3)
    spoon (0.0.1)
    terminal-notifier-guard (1.5.3)
    thor (0.16.0)

PLATFORMS
  ruby

DEPENDENCIES
  guard
  guard-process
  guard-sass
  rake
  rb-fsevent
  terminal-notifier-guard
